GEM
  remote: https://rubygems.org/
  specs:
    activesupport (3.2.12)
      i18n (~> 0.6)
      multi_json (~> 1.0)
    airbrake (3.1.8)
      activesupport
      builder
      json
    builder (3.2.0)
    capistrano (2.14.2)
      highline
      net-scp (>= 1.0.0)
      net-sftp (>= 2.0.0)
      net-ssh (>= 2.0.14)
      net-ssh-gateway (>= 1.1.0)
    capistrano-unicorn (0.1.6)
      capistrano
    childprocess (0.3.9)
      ffi (~> 1.0, >= 1.0.11)
    ffi (1.4.0)
    headless (1.0.1)
    highline (1.6.15)
    i18n (0.6.4)
    json (1.7.7)
    kgio (2.8.0)
    mime-types (1.21)
    multi_json (1.6.1)
    net-scp (1.1.0)
      net-ssh (>= 2.6.5)
    net-sftp (2.1.1)
      net-ssh (>= 2.6.5)
    net-ssh (2.6.6)
    net-ssh-gateway (1.2.0)
      net-ssh (>= 2.6.5)
    nokogiri (1.5.6)
    rack (1.5.2)
    rack-protection (1.4.0)
      rack
    raindrops (0.10.0)
    rest-client (1.6.7)
      mime-types (>= 1.16)
    rubyzip (0.9.9)
    selenium-webdriver (2.31.0)
      childprocess (>= 0.2.5)
      multi_json (~> 1.0)
      rubyzip
      websocket (~> 1.0.4)
    sinatra (1.3.5)
      rack (~> 1.4)
      rack-protection (~> 1.3)
      tilt (~> 1.3, >= 1.3.3)
    tilt (1.3.4)
    unicorn (4.6.2)
      kgio (~> 2.6)
      rack
      raindrops (~> 0.7)
    watir-webdriver (0.6.2)
      selenium-webdriver (>= 2.18.0)
    websocket (1.0.7)

PLATFORMS
  ruby

DEPENDENCIES
  airbrake
  capistrano
  capistrano-unicorn
  headless
  json
  nokogiri
  rest-client
  selenium-webdriver (~> 2.31.0)
  sinatra
  unicorn
  watir-webdriver
