GEM
  remote: https://rubygems.org/
  specs:
    activesupport (3.2.12)
      i18n (~> 0.6)
      multi_json (~> 1.0)
    airbrake (3.1.8)
      activesupport
      builder
      json
    builder (3.2.0)
    childprocess (0.3.8)
      ffi (~> 1.0, >= 1.0.11)
    ffi (1.4.0)
    headless (1.0.0)
    i18n (0.6.1)
    json (1.7.7)
    kgio (2.8.0)
    mime-types (1.21)
    multi_json (1.6.1)
    nokogiri (1.5.6)
    rack (1.5.2)
    rack-protection (1.3.2)
      rack
    raindrops (0.10.0)
    rest-client (1.6.7)
      mime-types (>= 1.16)
    rubyzip (0.9.9)
    selenium-webdriver (2.29.0)
      childprocess (>= 0.2.5)
      multi_json (~> 1.0)
      rubyzip
      websocket (~> 1.0.4)
    sinatra (1.3.4)
      rack (~> 1.4)
      rack-protection (~> 1.3)
      tilt (~> 1.3, >= 1.3.3)
    tilt (1.3.3)
    unicorn (4.6.1)
      kgio (~> 2.6)
      rack
      raindrops (~> 0.7)
    watir-webdriver (0.6.2)
      selenium-webdriver (>= 2.18.0)
    websocket (1.0.7)

PLATFORMS
  ruby

DEPENDENCIES
  airbrake
  headless
  json
  nokogiri
  rest-client
  sinatra
  unicorn
  watir-webdriver
